PATH
  remote: .
  specs:
    neurio (0.0.2)
      httparty (~> 0.13)

GEM
  remote: https://rubygems.org/
  specs:
    httparty (0.13.5)
      json (~> 1.8)
      multi_xml (>= 0.5.2)
    json (1.8.3)
    multi_xml (0.5.5)
    redcarpet (3.3.2)
    yard (0.8.7.6)

PLATFORMS
  ruby

DEPENDENCIES
  neurio!
  redcarpet (~> 3.3)
  yard (~> 0.8)

BUNDLED WITH
   1.10.6
